PATH
  remote: .
  specs:
    pdfkit (0.5.4)

GEM
  remote: https://rubygems.org/
  specs:
    activesupport (3.0.9)
    coderay (1.0.9)
    diff-lcs (1.1.2)
    json (1.7.7)
    method_source (0.8.2)
    mocha (0.9.12)
    pry (0.9.12.2)
      coderay (~> 1.0.5)
      method_source (~> 0.8)
      slop (~> 3.4)
    rack (1.3.0)
    rack-test (0.6.0)
      rack (>= 1.0)
    rake (0.9.2)
    rdoc (4.0.1)
      json (~> 1.4)
    rspec (2.2.0)
      rspec-core (~> 2.2)
      rspec-expectations (~> 2.2)
      rspec-mocks (~> 2.2)
    rspec-core (2.6.4)
    rspec-expectations (2.6.0)
      diff-lcs (~> 1.1.2)
    rspec-mocks (2.6.0)
    slop (3.4.6)
    wkhtmltopdf-binary (0.9.5.3)

PLATFORMS
  ruby

DEPENDENCIES
  activesupport (>= 3.0.8)
  mocha (>= 0.9.10)
  pdfkit!
  pry
  rack-test (>= 0.5.6)
  rake (~> 0.9.2)
  rdoc (~> 4.0.1)
  rspec (~> 2.2.0)
  wkhtmltopdf-binary (~> 0.9.5)
